GEM
  remote: https://rubygems.org/
  specs:
    coderay (1.1.1)
    gnuplot (2.6.2)
    method_source (0.8.2)
    pry (0.10.3)
      coderay (~> 1.1.0)
      method_source (~> 0.8.1)
      slop (~> 3.4)
    rb-libsvm (1.4.0)
    slop (3.6.0)

PLATFORMS
  ruby

DEPENDENCIES
  gnuplot
  pry
  rb-libsvm

BUNDLED WITH
   1.11.2
